PATH
  remote: .
  specs:
    hammock-ruby (0.0.1.alpha)
      atomic (~> 1.1)
      hamster (~> 0.4.3)

GEM
  remote: https://rubygems.org/
  specs:
    atomic (1.1.16)
    coderay (1.1.0)
    hamster (0.4.3)
    method_source (0.8.2)
    pry (0.10.1)
      coderay (~> 1.1.0)
      method_source (~> 0.8.1)
      slop (~> 3.4)
    slop (3.6.0)

PLATFORMS
  ruby

DEPENDENCIES
  bundler (~> 1.6)
  hammock-ruby!
  pry
